GEM
  remote: http://rubygems.org/
  specs:
    RubyInline (3.8.4)
      ZenTest
    ZenTest (4.1.4)
    hoe (2.3.3)
      rake (>= 0.8.7)
      rubyforge (>= 1.0.4)
    json_pure (1.6.1)
    rake (0.8.7)
    rubyforge (2.0.4)
      json_pure (>= 1.1.7)

PLATFORMS
  ruby

DEPENDENCIES
  RubyInline
  ZenTest (~> 4.1.4)
  hoe (~> 2.3.3)
  rake (~> 0.8.7)
